GEM
  remote: https://rubygems.org/
  specs:
    mini_portile2 (2.3.0)
    nokogiri (1.8.2)
      mini_portile2 (~> 2.3.0)
    rack (1.6.9)

PLATFORMS
  ruby

DEPENDENCIES
  nokogiri
  rack (~> 1.1)

BUNDLED WITH
   1.16.1
